GEM
  remote: https://rubygems.org/
  specs:
    power_assert (0.2.6)
    rack (1.6.5)
    rack-protection (1.5.3)
      rack
    sinatra (1.4.8)
      rack (~> 1.5)
      rack-protection (~> 1.4)
      tilt (>= 1.3, < 3)
    test-unit (3.1.5)
      power_assert
    tilt (2.0.6)

PLATFORMS
  ruby

DEPENDENCIES
  sinatra
  test-unit

BUNDLED WITH
   1.14.3
