GEM
  remote: https://rubygems.org/
  specs:
    activemodel (4.2.8)
      activesupport (= 4.2.8)
      builder (~> 3.1)
    activerecord (4.2.8)
      activemodel (= 4.2.8)
      activesupport (= 4.2.8)
      arel (~> 6.0)
    activesupport (4.2.8)
      i18n (~> 0.7)
      minitest (~> 5.1)
      thread_safe (~> 0.3, >= 0.3.4)
      tzinfo (~> 1.1)
    arel (6.0.4)
    builder (3.2.3)
    i18n (0.8.1)
    minitest (5.10.1)
    mustermann (1.1.1)
      ruby2_keywords (~> 0.0.1)
    pg (0.18.4)
    power_assert (0.2.6)
    rack (2.2.3)
    rack-protection (2.2.0)
      rack
    rake (11.3.0)
    ruby2_keywords (0.0.5)
    sinatra (2.2.0)
      mustermann (~> 1.0)
      rack (~> 2.2)
      rack-protection (= 2.2.0)
      tilt (~> 2.0)
    test-unit (3.1.5)
      power_assert
    thread_safe (0.3.6)
    tilt (2.0.10)
    tzinfo (1.2.2)
      thread_safe (~> 0.1)

PLATFORMS
  ruby

DEPENDENCIES
  activerecord
  pg
  rake
  sinatra
  test-unit

BUNDLED WITH
   1.14.3
